GIT
  remote: git://github.com/AmoebaConsulting/amoeba-deploy-tools.git
  revision: afdaaf2fa758b356c95404c2a2961cb9d288b182
  specs:
    amoeba-deploy-tools (0.0.1)
      cocaine (~> 0.5.3)
      hashie (~> 2.0.5)
      thor (~> 0.18.1)

GEM
  remote: https://rubygems.org/
  specs:
    activesupport (4.0.2)
      i18n (~> 0.6, >= 0.6.4)
      minitest (~> 4.2)
      multi_json (~> 1.3)
      thread_safe (~> 0.1)
      tzinfo (~> 0.3.37)
    atomic (1.1.14)
    climate_control (0.0.3)
      activesupport (>= 3.0)
    cocaine (0.5.3)
      climate_control (>= 0.0.3, < 1.0)
    hashie (2.0.5)
    i18n (0.6.9)
    minitest (4.7.5)
    multi_json (1.8.2)
    thor (0.18.1)
    thread_safe (0.1.3)
      atomic
    tzinfo (0.3.38)

PLATFORMS
  ruby

DEPENDENCIES
  amoeba-deploy-tools!
